GEM
  remote: https://rubygems.org/
  specs:
    concurrent-ruby (1.1.5)
    execjs (2.7.0)
    mail (2.7.1)
      mini_mime (>= 0.1.1)
    mini_mime (1.0.2)
    mustermann (1.0.3)
    nio4r (2.4.0-java)
    pony (1.13.1)
      mail (>= 2.0)
    puma (4.0.1-java)
      nio4r (~> 2.0)
    rack (2.0.7)
    rack-protection (2.0.5)
      rack
    sinatra (2.0.5)
      mustermann (~> 1.0)
      rack (~> 2.0)
      rack-protection (= 2.0.5)
      tilt (~> 2.0)
    spring (2.1.0)
    tilt (2.0.9)
    tzinfo (2.0.0)
      concurrent-ruby (~> 1.0)
    tzinfo-data (1.2019.2)
      tzinfo (>= 1.0.0)
    uglifier (4.1.20)
      execjs (>= 0.3.0, < 3)

PLATFORMS
  java

DEPENDENCIES
  pony
  puma
  sinatra
  spring
  tzinfo-data
  uglifier (>= 1.3.0)

RUBY VERSION
   ruby 2.5.3p0 (jruby 9.2.7.0)

BUNDLED WITH
   2.0.2
